GIT
  remote: https://github.com/pry/pry.git
  revision: 272b3290b5250d28ee82a5ff65aa3b29b825e37b
  ref: 272b3290b5250d28ee82a5ff65aa3b29b825e37b
  specs:
    pry (0.12.2)
      coderay (~> 1.1.0)
      method_source (~> 0.9.0)

GEM
  remote: https://rubygems.org/
  specs:
    coderay (1.1.3)
    method_source (0.9.2)
    require_all (1.3.3)

PLATFORMS
  ruby

DEPENDENCIES
  pry!
  require_all

BUNDLED WITH
   1.16.1
